GEM
  remote: https://rubygems.org/
  specs:
    addressable (2.8.0)
      public_suffix (>= 2.0.2, < 5.0)
    backports (3.8.0)
    crass (1.0.6)
    dotenv (2.7.5)
    erubis (2.7.0)
    ffi (1.17.2)
    geocoder (1.4.4)
    get_process_mem (0.2.7)
      ffi (~> 1.0)
    haml (5.0.1)
      temple (>= 0.8.0)
      tilt
    json-schema (2.8.1)
      addressable (>= 2.4)
    kgio (2.11.0)
    logger (1.7.0)
    mail (2.6.6)
      mime-types (>= 1.16, < 4)
    mime-types (3.6.2)
      logger
      mime-types-data (~> 3.2015)
    mime-types-data (3.2025.0422)
    mini_portile2 (2.1.0)
    minitest (5.10.2)
    multi_json (1.12.1)
    mustermann (1.0.0)
    nokogiri (1.6.8.1)
      mini_portile2 (~> 2.1.0)
    nokogumbo (1.5.0)
      nokogiri
    pg (0.21.0)
    public_suffix (4.0.6)
    rack (2.0.3)
    rack-protection (2.0.0)
      rack
    raindrops (0.17.0)
    roo (2.8.3)
      nokogiri (~> 1)
      rubyzip (>= 1.3.0, < 3.0.0)
    rubyzip (2.3.0)
    sanitize (4.6.6)
      crass (~> 1.0.2)
      nokogiri (>= 1.4.4)
      nokogumbo (~> 1.4)
    sinatra (2.0.0)
      mustermann (~> 1.0)
      rack (~> 2.0)
      rack-protection (= 2.0.0)
      tilt (~> 2.0)
    sinatra-contrib (2.0.0)
      backports (>= 2.0)
      multi_json
      mustermann (~> 1.0)
      rack-protection (= 2.0.0)
      sinatra (= 2.0.0)
      tilt (>= 1.3, < 3)
    sinatra-reloader (1.0)
      sinatra-contrib
    temple (0.8.0)
    tilt (2.0.7)
    unicorn (5.2.0)
      kgio (~> 2.6)
      raindrops (~> 0.7)
    unicorn-worker-killer (0.4.4)
      get_process_mem (~> 0)
      unicorn (>= 4, < 6)

PLATFORMS
  ruby

DEPENDENCIES
  dotenv
  erubis
  geocoder
  haml
  json-schema
  mail
  minitest
  nokogiri
  pg
  rack
  roo
  sanitize
  sinatra
  sinatra-contrib
  sinatra-reloader
  unicorn
  unicorn-worker-killer

BUNDLED WITH
   2.4.22
